GEM
  remote: http://rubygems.org/
  specs:
    jbundler (0.3.0)
      ruby-maven (= 3.0.4.0.29.0)
    maven-tools (0.29.3)
    ruby-maven (3.0.4.0.29.0)
      maven-tools (~> 0.29.1)
      thor (~> 0.14.6)
    thor (0.14.6)

PLATFORMS
  java

DEPENDENCIES
  jbundler
