GEM
  remote: https://rubygems.org/
  specs:
    addressable (2.2.7)
    cookiejar (0.3.0)
    em-http-request (1.0.2)
      addressable (>= 2.2.3)
      cookiejar
      em-socksify
      eventmachine (>= 1.0.0.beta.4)
      http_parser.rb (>= 0.5.3)
    em-socksify (0.1.0)
      eventmachine
    eventmachine (1.0.0.beta.4)
    happening (0.2.5)
      em-http-request
    http_parser.rb (0.5.3)
    multi_json (1.2.0)
    yajl-ruby (1.1.0)

PLATFORMS
  ruby

DEPENDENCIES
  happening
  multi_json
  yajl-ruby
